{
    "AcquisitionMatrixPE": 140,
    "AcquisitionNumber": 1,
    "AcquisitionTime": "14:00:59.655000",
    "BandwidthPerPixelPhaseEncode": 10.352,
    "BaseResolution": 140,
    "BodyPartExamined": "BRAIN",
    "CoilCombinationMethod": "Adaptive Combine",
    "ConsistencyInfo": "N4_VE11C_LATEST_20160120",
    "ConversionSoftware": "dcm2niix",
    "ConversionSoftwareVersion": "v1.0.20220505",
    "DerivedVendorReportedEchoSpacing": 0.000689998,
    "DeviceSerialNumber": "167024",
    "DiffusionScheme": "Monopolar",
    "Dim1Size": 140,
    "Dim2Size": 140,
    "Dim3Size": 81,
    "EchoTime": 0.089,
    "EchoTrainLength": 105,
    "EffectiveEchoSpacing": 0.000689998,
    "FlipAngle": 90,
    "HeudiconvVersion": "1.3.2",
    "ImageComments": "21827_11853@BBL:EFR01",
    "ImageOrientation": "LAS+",
    "ImageOrientationPatientDICOM": [
        1,
        0,
        0,
        0,
        0.984196,
        0.177085
    ],
    "ImageType": [
        "ORIGINAL",
        "PRIMARY",
        "DIFFUSION",
        "NONE",
        "ND",
        "MOSAIC"
    ],
    "ImagingFrequency": 123.262,
    "InPlanePhaseEncodingDirectionDICOM": "COL",
    "InstitutionAddress": "Spruce Street 3400,Philadelphia,Pennsylvania,US,19104",
    "InstitutionName": "HUP",
    "MRAcquisitionType": "2D",
    "MagneticFieldStrength": 3,
    "Manufacturer": "Siemens",
    "ManufacturersModelName": "Prisma_fit",
    "Modality": "MR",
    "MultibandAccelerationFactor": 3,
    "NumVolumes": 103,
    "Obliquity": "True",
    "PartialFourier": 0.75,
    "PartialFourierDirection": "y",
    "PatientPosition": "HFS",
    "PercentPhaseFOV": 100,
    "PercentSampling": 100,
    "PhaseEncodingDirection": "j",
    "PhaseEncodingSteps": 105,
    "PhaseResolution": 1,
    "PixelBandwidth": 1700,
    "ProcedureStepDescription": "MR HEAD WO IV CONTRAST",
    "ProtocolName": "dwi_acq-multishell_dir-AP_dwi",
    "PulseSequenceDetails": "%CustomerSeq%\\ep2d_diff_sms_abcd",
    "ReceiveCoilActiveElements": "HEA;HEP",
    "ReceiveCoilName": "Head_32",
    "ReconMatrixPE": 140,
    "RefLinesPE": 71,
    "RepetitionTime": 4.2,
    "SAR": 0.264038,
    "ScanGrouping": {
        "concatenated_bids_name": "sub-21827_ses-1_run-01",
        "dwi_series": [
            "/scratch/executivefunction/SLURM_7568833_193/job-7568833-193-sub-21827-ses-1/ds/inputs/data/BIDS/sub-21827/ses-1/dwi/sub-21827_ses-1_run-01_dwi.nii.gz"
        ],
        "dwi_series_pedir": "j",
        "fieldmap_info": {
            "suffix": null
        }
    },
    "ScanOptions": "PFP\\FS",
    "ScanningSequence": "EP",
    "SequenceName": "ep_b0",
    "SequenceVariant": "SK\\SP",
    "SeriesDescription": "dwi_acq-multishell_dir-AP_dwi",
    "SeriesNumber": 9,
    "ShimSetting": [
        1769,
        -3639,
        -264,
        683,
        85,
        375,
        -99,
        -62
    ],
    "SliceThickness": 1.7,
    "SliceTiming": [
        0,
        2.1675,
        0.155,
        2.3225,
        0.31,
        2.4775,
        0.465,
        2.6325,
        0.62,
        2.7875,
        0.775,
        2.9425,
        0.93,
        3.0975,
        1.085,
        3.25,
        1.2375,
        3.405,
        1.3925,
        3.56,
        1.5475,
        3.715,
        1.7025,
        3.87,
        1.8575,
        4.025,
        2.0125,
        0,
        2.1675,
        0.155,
        2.3225,
        0.31,
        2.4775,
        0.465,
        2.6325,
        0.62,
        2.7875,
        0.775,
        2.9425,
        0.93,
        3.0975,
        1.085,
        3.25,
        1.2375,
        3.405,
        1.3925,
        3.56,
        1.5475,
        3.715,
        1.7025,
        3.87,
        1.8575,
        4.025,
        2.0125,
        0,
        2.1675,
        0.155,
        2.3225,
        0.31,
        2.4775,
        0.465,
        2.6325,
        0.62,
        2.7875,
        0.775,
        2.9425,
        0.93,
        3.0975,
        1.085,
        3.25,
        1.2375,
        3.405,
        1.3925,
        3.56,
        1.5475,
        3.715,
        1.7025,
        3.87,
        1.8575,
        4.025,
        2.0125
    ],
    "SoftwareVersions": "syngo MR E11",
    "SourceMetadata": {
        "sub-21827_ses-1_run-01_dwi.nii.gz": {
            "AcquisitionMatrixPE": 140,
            "AcquisitionNumber": 1,
            "AcquisitionTime": "14:00:59.655000",
            "BandwidthPerPixelPhaseEncode": 10.352,
            "BaseResolution": 140,
            "BodyPartExamined": "BRAIN",
            "CoilCombinationMethod": "Adaptive Combine",
            "ConsistencyInfo": "N4_VE11C_LATEST_20160120",
            "ConversionSoftware": "dcm2niix",
            "ConversionSoftwareVersion": "v1.0.20220505",
            "DerivedVendorReportedEchoSpacing": 0.000689998,
            "DeviceSerialNumber": "167024",
            "DiffusionScheme": "Monopolar",
            "Dim1Size": 140,
            "Dim2Size": 140,
            "Dim3Size": 81,
            "EchoTime": 0.089,
            "EchoTrainLength": 105,
            "EffectiveEchoSpacing": 0.000689998,
            "FlipAngle": 90,
            "HeudiconvVersion": "1.3.2",
            "ImageComments": "21827_11853@BBL:EFR01",
            "ImageOrientation": "LAS+",
            "ImageOrientationPatientDICOM": [
                1,
                0,
                0,
                0,
                0.984196,
                0.177085
            ],
            "ImageType": [
                "ORIGINAL",
                "PRIMARY",
                "DIFFUSION",
                "NONE",
                "ND",
                "MOSAIC"
            ],
            "ImagingFrequency": 123.262,
            "InPlanePhaseEncodingDirectionDICOM": "COL",
            "InstitutionAddress": "Spruce Street 3400,Philadelphia,Pennsylvania,US,19104",
            "InstitutionName": "HUP",
            "MRAcquisitionType": "2D",
            "MagneticFieldStrength": 3,
            "Manufacturer": "Siemens",
            "ManufacturersModelName": "Prisma_fit",
            "Modality": "MR",
            "MultibandAccelerationFactor": 3,
            "NumVolumes": 103,
            "Obliquity": "True",
            "PartialFourier": 0.75,
            "PartialFourierDirection": "y",
            "PatientPosition": "HFS",
            "PercentPhaseFOV": 100,
            "PercentSampling": 100,
            "PhaseEncodingDirection": "j",
            "PhaseEncodingSteps": 105,
            "PhaseResolution": 1,
            "PixelBandwidth": 1700,
            "ProcedureStepDescription": "MR HEAD WO IV CONTRAST",
            "ProtocolName": "dwi_acq-multishell_dir-AP_dwi",
            "PulseSequenceDetails": "%CustomerSeq%\\ep2d_diff_sms_abcd",
            "ReceiveCoilActiveElements": "HEA;HEP",
            "ReceiveCoilName": "Head_32",
            "ReconMatrixPE": 140,
            "RefLinesPE": 71,
            "RepetitionTime": 4.2,
            "SAR": 0.264038,
            "ScanOptions": "PFP\\FS",
            "ScanningSequence": "EP",
            "SequenceName": "ep_b0",
            "SequenceVariant": "SK\\SP",
            "SeriesDescription": "dwi_acq-multishell_dir-AP_dwi",
            "SeriesNumber": 9,
            "ShimSetting": [
                1769,
                -3639,
                -264,
                683,
                85,
                375,
                -99,
                -62
            ],
            "SliceThickness": 1.7,
            "SliceTiming": [
                0,
                2.1675,
                0.155,
                2.3225,
                0.31,
                2.4775,
                0.465,
                2.6325,
                0.62,
                2.7875,
                0.775,
                2.9425,
                0.93,
                3.0975,
                1.085,
                3.25,
                1.2375,
                3.405,
                1.3925,
                3.56,
                1.5475,
                3.715,
                1.7025,
                3.87,
                1.8575,
                4.025,
                2.0125,
                0,
                2.1675,
                0.155,
                2.3225,
                0.31,
                2.4775,
                0.465,
                2.6325,
                0.62,
                2.7875,
                0.775,
                2.9425,
                0.93,
                3.0975,
                1.085,
                3.25,
                1.2375,
                3.405,
                1.3925,
                3.56,
                1.5475,
                3.715,
                1.7025,
                3.87,
                1.8575,
                4.025,
                2.0125,
                0,
                2.1675,
                0.155,
                2.3225,
                0.31,
                2.4775,
                0.465,
                2.6325,
                0.62,
                2.7875,
                0.775,
                2.9425,
                0.93,
                3.0975,
                1.085,
                3.25,
                1.2375,
                3.405,
                1.3925,
                3.56,
                1.5475,
                3.715,
                1.7025,
                3.87,
                1.8575,
                4.025,
                2.0125
            ],
            "SoftwareVersions": "syngo MR E11",
            "SpacingBetweenSlices": 1.7,
            "SpoilingState": true,
            "StationName": "HUP FNDBA MR2",
            "TotalReadoutTime": 0.0959097,
            "TxRefAmp": 244.73,
            "VendorReportedEchoSpacing": 0.00069,
            "VoxelSizeDim1": 1.7142857313156128,
            "VoxelSizeDim2": 1.7142857313156128,
            "VoxelSizeDim3": 1.6999999284744263,
            "WipMemBlock": "9a7d7d7d-81d6-4d2a-947c-a3498bec8b99"
        }
    },
    "Sources": [
        "sub-21827_ses-1_run-01_dwi.nii.gz"
    ],
    "SpacingBetweenSlices": 1.7,
    "SpoilingState": true,
    "StationName": "HUP FNDBA MR2",
    "TotalReadoutTime": 0.0959097,
    "TxRefAmp": 244.73,
    "VendorReportedEchoSpacing": 0.00069,
    "VoxelSizeDim1": 1.7142857313156128,
    "VoxelSizeDim2": 1.7142857313156128,
    "VoxelSizeDim3": 1.6999999284744263,
    "WipMemBlock": "9a7d7d7d-81d6-4d2a-947c-a3498bec8b99"
}