{
    "AcquisitionMatrixPE": 140,
    "AcquisitionNumber": 1,
    "AcquisitionTime": "17:58:9.062500",
    "BandwidthPerPixelPhaseEncode": 10.352,
    "BaseResolution": 140,
    "BodyPartExamined": "BRAIN",
    "CoilCombinationMethod": "Adaptive Combine",
    "ConsistencyInfo": "N4_VE11C_LATEST_20160120",
    "ConversionSoftware": "dcm2niix",
    "ConversionSoftwareVersion": "v1.0.20220505",
    "DerivedVendorReportedEchoSpacing": 0.000689998,
    "DeviceSerialNumber": "167024",
    "DiffusionScheme": "Monopolar",
    "Dim1Size": 140,
    "Dim2Size": 140,
    "Dim3Size": 81,
    "EchoTime": 0.089,
    "EchoTrainLength": 105,
    "EffectiveEchoSpacing": 0.000689998,
    "FlipAngle": 90,
    "HeudiconvVersion": "1.3.2",
    "ImageComments": "21516_11723@BBL:EFR01",
    "ImageOrientation": "LAS+",
    "ImageOrientationPatientDICOM": [
        0.997053,
        -0.0181699,
        0.0745363,
        -6.91843e-08,
        0.971549,
        0.236838
    ],
    "ImageType": [
        "ORIGINAL",
        "PRIMARY",
        "DIFFUSION",
        "NONE",
        "ND",
        "MOSAIC"
    ],
    "ImagingFrequency": 123.261,
    "InPlanePhaseEncodingDirectionDICOM": "COL",
    "InstitutionAddress": "Spruce Street 3400,Philadelphia,Pennsylvania,US,19104",
    "InstitutionName": "HUP",
    "MRAcquisitionType": "2D",
    "MagneticFieldStrength": 3,
    "Manufacturer": "Siemens",
    "ManufacturersModelName": "Prisma_fit",
    "Modality": "MR",
    "MultibandAccelerationFactor": 3,
    "NumVolumes": 103,
    "Obliquity": "True",
    "PartialFourier": 0.75,
    "PartialFourierDirection": "y",
    "PatientPosition": "HFS",
    "PercentPhaseFOV": 100,
    "PercentSampling": 100,
    "PhaseEncodingDirection": "j",
    "PhaseEncodingSteps": 105,
    "PhaseResolution": 1,
    "PixelBandwidth": 1700,
    "ProcedureStepDescription": "MR HEAD WO IV CONTRAST",
    "ProtocolName": "dwi_acq-multishell_dir-AP_dwi",
    "PulseSequenceDetails": "%CustomerSeq%\\ep2d_diff_sms_abcd",
    "ReceiveCoilActiveElements": "HEA;HEP",
    "ReceiveCoilName": "Head_32",
    "ReconMatrixPE": 140,
    "RefLinesPE": 71,
    "RepetitionTime": 4.2,
    "SAR": 0.299712,
    "ScanGrouping": {
        "concatenated_bids_name": "sub-21516_ses-1_run-01",
        "dwi_series": [
            "/scratch/executivefunction/SLURM_13237038_29/job-13237038-29-sub-21516-ses-1/ds/inputs/data/BIDS/sub-21516/ses-1/dwi/sub-21516_ses-1_run-01_dwi.nii.gz"
        ],
        "dwi_series_pedir": "j",
        "fieldmap_info": {
            "epi": [
                "/scratch/executivefunction/SLURM_13237038_29/job-13237038-29-sub-21516-ses-1/ds/inputs/data/BIDS/sub-21516/ses-1/fmap/sub-21516_ses-1_acq-dwi_dir-AP_run-01_epi.nii.gz",
                "/scratch/executivefunction/SLURM_13237038_29/job-13237038-29-sub-21516-ses-1/ds/inputs/data/BIDS/sub-21516/ses-1/fmap/sub-21516_ses-1_acq-dwi_dir-PA_run-01_epi.nii.gz"
            ],
            "suffix": "epi"
        }
    },
    "ScanOptions": "PFP\\FS",
    "ScanningSequence": "EP",
    "SequenceName": "ep_b0",
    "SequenceVariant": "SK\\SP",
    "SeriesDescription": "dwi_acq-multishell_dir-AP_dwi",
    "SeriesNumber": 9,
    "ShimSetting": [
        1767,
        -3928,
        -220,
        519,
        -14,
        -289,
        18,
        -82
    ],
    "SliceThickness": 1.7,
    "SliceTiming": [
        0,
        2.1675,
        0.155,
        2.3225,
        0.31,
        2.4775,
        0.465,
        2.6325,
        0.62,
        2.7875,
        0.775,
        2.9425,
        0.93,
        3.0975,
        1.085,
        3.2525,
        1.24,
        3.4075,
        1.395,
        3.5625,
        1.55,
        3.7175,
        1.705,
        3.8725,
        1.86,
        4.025,
        2.0125,
        0,
        2.1675,
        0.155,
        2.3225,
        0.31,
        2.4775,
        0.465,
        2.6325,
        0.62,
        2.7875,
        0.775,
        2.9425,
        0.93,
        3.0975,
        1.085,
        3.2525,
        1.24,
        3.4075,
        1.395,
        3.5625,
        1.55,
        3.7175,
        1.705,
        3.8725,
        1.86,
        4.025,
        2.0125,
        0,
        2.1675,
        0.155,
        2.3225,
        0.31,
        2.4775,
        0.465,
        2.6325,
        0.62,
        2.7875,
        0.775,
        2.9425,
        0.93,
        3.0975,
        1.085,
        3.2525,
        1.24,
        3.4075,
        1.395,
        3.5625,
        1.55,
        3.7175,
        1.705,
        3.8725,
        1.86,
        4.025,
        2.0125
    ],
    "SoftwareVersions": "syngo MR E11",
    "SourceMetadata": {
        "sub-21516_ses-1_run-01_dwi.nii.gz": {
            "AcquisitionMatrixPE": 140,
            "AcquisitionNumber": 1,
            "AcquisitionTime": "17:58:9.062500",
            "BandwidthPerPixelPhaseEncode": 10.352,
            "BaseResolution": 140,
            "BodyPartExamined": "BRAIN",
            "CoilCombinationMethod": "Adaptive Combine",
            "ConsistencyInfo": "N4_VE11C_LATEST_20160120",
            "ConversionSoftware": "dcm2niix",
            "ConversionSoftwareVersion": "v1.0.20220505",
            "DerivedVendorReportedEchoSpacing": 0.000689998,
            "DeviceSerialNumber": "167024",
            "DiffusionScheme": "Monopolar",
            "Dim1Size": 140,
            "Dim2Size": 140,
            "Dim3Size": 81,
            "EchoTime": 0.089,
            "EchoTrainLength": 105,
            "EffectiveEchoSpacing": 0.000689998,
            "FlipAngle": 90,
            "HeudiconvVersion": "1.3.2",
            "ImageComments": "21516_11723@BBL:EFR01",
            "ImageOrientation": "LAS+",
            "ImageOrientationPatientDICOM": [
                0.997053,
                -0.0181699,
                0.0745363,
                -6.91843e-08,
                0.971549,
                0.236838
            ],
            "ImageType": [
                "ORIGINAL",
                "PRIMARY",
                "DIFFUSION",
                "NONE",
                "ND",
                "MOSAIC"
            ],
            "ImagingFrequency": 123.261,
            "InPlanePhaseEncodingDirectionDICOM": "COL",
            "InstitutionAddress": "Spruce Street 3400,Philadelphia,Pennsylvania,US,19104",
            "InstitutionName": "HUP",
            "MRAcquisitionType": "2D",
            "MagneticFieldStrength": 3,
            "Manufacturer": "Siemens",
            "ManufacturersModelName": "Prisma_fit",
            "Modality": "MR",
            "MultibandAccelerationFactor": 3,
            "NumVolumes": 103,
            "Obliquity": "True",
            "PartialFourier": 0.75,
            "PartialFourierDirection": "y",
            "PatientPosition": "HFS",
            "PercentPhaseFOV": 100,
            "PercentSampling": 100,
            "PhaseEncodingDirection": "j",
            "PhaseEncodingSteps": 105,
            "PhaseResolution": 1,
            "PixelBandwidth": 1700,
            "ProcedureStepDescription": "MR HEAD WO IV CONTRAST",
            "ProtocolName": "dwi_acq-multishell_dir-AP_dwi",
            "PulseSequenceDetails": "%CustomerSeq%\\ep2d_diff_sms_abcd",
            "ReceiveCoilActiveElements": "HEA;HEP",
            "ReceiveCoilName": "Head_32",
            "ReconMatrixPE": 140,
            "RefLinesPE": 71,
            "RepetitionTime": 4.2,
            "SAR": 0.299712,
            "ScanOptions": "PFP\\FS",
            "ScanningSequence": "EP",
            "SequenceName": "ep_b0",
            "SequenceVariant": "SK\\SP",
            "SeriesDescription": "dwi_acq-multishell_dir-AP_dwi",
            "SeriesNumber": 9,
            "ShimSetting": [
                1767,
                -3928,
                -220,
                519,
                -14,
                -289,
                18,
                -82
            ],
            "SliceThickness": 1.7,
            "SliceTiming": [
                0,
                2.1675,
                0.155,
                2.3225,
                0.31,
                2.4775,
                0.465,
                2.6325,
                0.62,
                2.7875,
                0.775,
                2.9425,
                0.93,
                3.0975,
                1.085,
                3.2525,
                1.24,
                3.4075,
                1.395,
                3.5625,
                1.55,
                3.7175,
                1.705,
                3.8725,
                1.86,
                4.025,
                2.0125,
                0,
                2.1675,
                0.155,
                2.3225,
                0.31,
                2.4775,
                0.465,
                2.6325,
                0.62,
                2.7875,
                0.775,
                2.9425,
                0.93,
                3.0975,
                1.085,
                3.2525,
                1.24,
                3.4075,
                1.395,
                3.5625,
                1.55,
                3.7175,
                1.705,
                3.8725,
                1.86,
                4.025,
                2.0125,
                0,
                2.1675,
                0.155,
                2.3225,
                0.31,
                2.4775,
                0.465,
                2.6325,
                0.62,
                2.7875,
                0.775,
                2.9425,
                0.93,
                3.0975,
                1.085,
                3.2525,
                1.24,
                3.4075,
                1.395,
                3.5625,
                1.55,
                3.7175,
                1.705,
                3.8725,
                1.86,
                4.025,
                2.0125
            ],
            "SoftwareVersions": "syngo MR E11",
            "SpacingBetweenSlices": 1.7,
            "SpoilingState": true,
            "StationName": "HUP FNDBA MR2",
            "TotalReadoutTime": 0.0959097,
            "TxRefAmp": 212.253,
            "VendorReportedEchoSpacing": 0.00069,
            "VoxelSizeDim1": 1.7142857313156128,
            "VoxelSizeDim2": 1.7142857313156128,
            "VoxelSizeDim3": 1.7000000476837158,
            "WipMemBlock": "f76d4992-59e9-4048-ba7f-1c223f328a69"
        }
    },
    "Sources": [
        "sub-21516_ses-1_run-01_dwi.nii.gz"
    ],
    "SpacingBetweenSlices": 1.7,
    "SpoilingState": true,
    "StationName": "HUP FNDBA MR2",
    "TotalReadoutTime": 0.0959097,
    "TxRefAmp": 212.253,
    "VendorReportedEchoSpacing": 0.00069,
    "VoxelSizeDim1": 1.7142857313156128,
    "VoxelSizeDim2": 1.7142857313156128,
    "VoxelSizeDim3": 1.7000000476837158,
    "WipMemBlock": "f76d4992-59e9-4048-ba7f-1c223f328a69"
}